GIT
  remote: https://github.com/bernd/webmachine-test.git
  revision: 4d323725b14f979cc3c2011b3843a1c5f519d7da
  specs:
    webmachine-test (0.0.0)
      webmachine

GEM
  remote: http://rubygems.org/
  specs:
    actionpack (3.1.3)
      activemodel (= 3.1.3)
      activesupport (= 3.1.3)
      builder (~> 3.0.0)
      erubis (~> 2.7.0)
      i18n (~> 0.6)
      rack (~> 1.3.5)
      rack-cache (~> 1.1)
      rack-mount (~> 0.8.2)
      rack-test (~> 0.6.1)
      sprockets (~> 2.0.3)
    activemodel (3.1.3)
      activesupport (= 3.1.3)
      builder (~> 3.0.0)
      i18n (~> 0.6)
    activesupport (3.1.3)
      multi_json (~> 1.0)
    builder (3.0.0)
    crack (0.1.8)
    diff-lcs (1.1.3)
    erubis (2.7.0)
    hike (1.2.1)
    hooks (0.1.4)
    httparty (0.7.4)
      crack (= 0.1.8)
    hypertemplate (1.2.1)
      json_pure
      nokogiri
    i18n (0.6.0)
    json (1.6.1)
    json_pure (1.6.1)
    medie (1.0.0)
      actionpack (>= 3.0.0)
      activesupport
      json_pure
      methodize
    methodize (0.2.0)
    multi_json (1.0.3)
    nokogiri (1.5.0)
    rack (1.3.5)
    rack-cache (1.1)
      rack (>= 0.4)
    rack-conneg (0.1.5)
      rack (>= 1.0)
    rack-mount (0.8.3)
      rack (>= 1.0.0)
    rack-test (0.6.1)
      rack (>= 1.0)
    representable (0.9.2)
      hooks
      json
      nokogiri
    respondie (0.9.0)
    restfulie (1.0.3)
      hypertemplate (~> 1.2.0)
      json_pure (>= 1.2.4)
      medie (~> 1.0.0)
      nokogiri (>= 1.4.2)
      rack-conneg
      respondie (~> 0.9.0)
      sqlite3-ruby
    roar (0.8.1)
      hooks (~> 0.1.4)
      representable (~> 0.9.2)
      restfulie (~> 1.0.0)
    rspec (2.7.0)
      rspec-core (~> 2.7.0)
      rspec-expectations (~> 2.7.0)
      rspec-mocks (~> 2.7.0)
    rspec-core (2.7.1)
    rspec-expectations (2.7.0)
      diff-lcs (~> 1.1.2)
    rspec-mocks (2.7.0)
    sprockets (2.0.3)
      hike (~> 1.2)
      rack (~> 1.0)
      tilt (~> 1.1, != 1.3.0)
    sqlite3 (1.3.4)
    sqlite3-ruby (1.3.3)
      sqlite3 (>= 1.3.3)
    tilt (1.3.3)
    webmachine (0.3.0)
      i18n (>= 0.4.0)

PLATFORMS
  ruby

DEPENDENCIES
  httparty
  json
  roar (~> 0.8.1)
  rspec
  webmachine
  webmachine-test!
